GIT
  remote: https://github.com/socketry/nio4r.git
  revision: 315b1f62d038e2287f4dc852638fdf19a03cae87
  specs:
    nio4r (2.7.4)

GEM
  remote: https://rubygems.org/
  specs:
    actioncable (7.1.5.2)
      actionpack (= 7.1.5.2)
      activesupport (= 7.1.5.2)
      nio4r (~> 2.0)
      websocket-driver (>= 0.6.1)
      zeitwerk (~> 2.6)
    actionmailbox (7.1.5.2)
      actionpack (= 7.1.5.2)
      activejob (= 7.1.5.2)
      activerecord (= 7.1.5.2)
      activestorage (= 7.1.5.2)
      activesupport (= 7.1.5.2)
      mail (>= 2.7.1)
      net-imap
      net-pop
      net-smtp
    actionmailer (7.1.5.2)
      actionpack (= 7.1.5.2)
      actionview (= 7.1.5.2)
      activejob (= 7.1.5.2)
      activesupport (= 7.1.5.2)
      mail (~> 2.5, >= 2.5.4)
      net-imap
      net-pop
      net-smtp
      rails-dom-testing (~> 2.2)
    actionpack (7.1.5.2)
      actionview (= 7.1.5.2)
      activesupport (= 7.1.5.2)
      nokogiri (>= 1.8.5)
      racc
      rack (>= 2.2.4)
      rack-session (>= 1.0.1)
      rack-test (>= 0.6.3)
      rails-dom-testing (~> 2.2)
      rails-html-sanitizer (~> 1.6)
    actiontext (7.1.5.2)
      actionpack (= 7.1.5.2)
      activerecord (= 7.1.5.2)
      activestorage (= 7.1.5.2)
      activesupport (= 7.1.5.2)
      globalid (>= 0.6.0)
      nokogiri (>= 1.8.5)
    actionview (7.1.5.2)
      activesupport (= 7.1.5.2)
      builder (~> 3.1)
      erubi (~> 1.11)
      rails-dom-testing (~> 2.2)
      rails-html-sanitizer (~> 1.6)
    activejob (7.1.5.2)
      activesupport (= 7.1.5.2)
      globalid (>= 0.3.6)
    activemodel (7.1.5.2)
      activesupport (= 7.1.5.2)
    activemodel-serializers-xml (1.0.3)
      activemodel (>= 5.0.0.a)
      activesupport (>= 5.0.0.a)
      builder (~> 3.1)
    activerecord (7.1.5.2)
      activemodel (= 7.1.5.2)
      activesupport (= 7.1.5.2)
      timeout (>= 0.4.0)
    activestorage (7.1.5.2)
      actionpack (= 7.1.5.2)
      activejob (= 7.1.5.2)
      activerecord (= 7.1.5.2)
      activesupport (= 7.1.5.2)
      marcel (~> 1.0)
    activestorage-cloudinary-service (0.2.3)
    activesupport (7.1.5.2)
      base64
      benchmark (>= 0.3)
      bigdecimal
      concurrent-ruby (~> 1.0, >= 1.0.2)
      connection_pool (>= 2.2.5)
      drb
      i18n (>= 1.6, < 2)
      logger (>= 1.4.2)
      minitest (>= 5.1)
      mutex_m
      securerandom (>= 0.3)
      tzinfo (~> 2.0)
    addressable (2.8.7)
      public_suffix (>= 2.0.2, < 7.0)
    autoprefixer-rails (10.2.5.0)
      execjs (< 2.8.0)
    base64 (0.3.0)
    bcrypt (3.1.20)
    benchmark (0.4.1)
    bigdecimal (3.2.3)
    bindex (0.8.1)
    bootsnap (1.18.6)
      msgpack (~> 1.2)
    builder (3.3.0)
    byebug (12.0.0)
    capybara (3.40.0)
      addressable
      matrix
      mini_mime (>= 0.1.3)
      nokogiri (~> 1.11)
      rack (>= 1.6.0)
      rack-test (>= 0.6.3)
      regexp_parser (>= 1.5, < 3.0)
      xpath (~> 3.2)
    childprocess (5.1.0)
      logger (~> 1.5)
    cloudinary (2.4.0)
      faraday (>= 2.0.1, < 3.0.0)
      faraday-follow_redirects (~> 0.3.0)
      faraday-multipart (~> 1.0, >= 1.0.4)
      ostruct
    coderay (1.1.3)
    concurrent-ruby (1.3.5)
    connection_pool (2.5.4)
    crass (1.0.6)
    csv (3.3.5)
    date (3.4.1)
    devise (4.9.4)
      bcrypt (~> 3.0)
      orm_adapter (~> 0.1)
      railties (>= 4.1.0)
      responders
      warden (~> 1.2.3)
    domain_name (0.6.20240107)
    dotenv (3.1.8)
    dotenv-rails (3.1.8)
      dotenv (= 3.1.8)
      railties (>= 6.1)
    drb (2.2.3)
    erb (5.0.2)
    erubi (1.13.1)
    excon (1.3.0)
      logger
    execjs (2.7.0)
    faraday (2.13.4)
      faraday-net_http (>= 2.0, < 3.5)
      json
      logger
    faraday-follow_redirects (0.3.0)
      faraday (>= 1, < 3)
    faraday-multipart (1.1.1)
      multipart-post (~> 2.0)
    faraday-net_http (3.4.1)
      net-http (>= 0.5.0)
    ffi (1.17.2-arm64-darwin)
    ffi (1.17.2-x86_64-darwin)
    ffi (1.17.2-x86_64-linux-gnu)
    figaro (1.3.0)
      thor (>= 0.14.0, < 2)
    fog-aws (3.33.0)
      base64 (>= 0.2, < 0.4)
      fog-core (~> 2.6)
      fog-json (~> 1.1)
      fog-xml (~> 0.1)
    fog-core (2.6.0)
      builder
      excon (~> 1.0)
      formatador (>= 0.2, < 2.0)
      mime-types
    fog-json (1.2.0)
      fog-core
      multi_json (~> 1.10)
    fog-xml (0.1.5)
      fog-core
      nokogiri (>= 1.5.11, < 2.0.0)
    font-awesome-sass (6.7.2)
      sassc (~> 2.0)
    formatador (1.2.0)
      reline
    friendly_id (5.5.1)
      activerecord (>= 4.0.0)
    gibbon (3.5.0)
      faraday (>= 1.0)
      multi_json (>= 1.11.0)
    globalid (1.2.1)
      activesupport (>= 6.1)
    http-accept (1.7.0)
    http-cookie (1.0.8)
      domain_name (~> 0.5)
    i18n (1.14.7)
      concurrent-ruby (~> 1.0)
    importmap-rails (2.2.2)
      actionpack (>= 6.0.0)
      activesupport (>= 6.0.0)
      railties (>= 6.0.0)
    invisible_captcha (2.3.0)
      rails (>= 5.2)
    io-console (0.8.1)
    irb (1.15.2)
      pp (>= 0.6.0)
      rdoc (>= 4.0.0)
      reline (>= 0.4.2)
    jbuilder (2.14.1)
      actionview (>= 7.0.0)
      activesupport (>= 7.0.0)
    json (2.13.2)
    kaminari (1.2.2)
      activesupport (>= 4.1.0)
      kaminari-actionview (= 1.2.2)
      kaminari-activerecord (= 1.2.2)
      kaminari-core (= 1.2.2)
    kaminari-actionview (1.2.2)
      actionview
      kaminari-core (= 1.2.2)
    kaminari-activerecord (1.2.2)
      activerecord
      kaminari-core (= 1.2.2)
    kaminari-core (1.2.2)
    launchy (3.1.1)
      addressable (~> 2.8)
      childprocess (~> 5.0)
      logger (~> 1.6)
    letter_opener (1.10.0)
      launchy (>= 2.2, < 4)
    listen (3.9.0)
      rb-fsevent (~> 0.10, >= 0.10.3)
      rb-inotify (~> 0.9, >= 0.9.10)
    logger (1.7.0)
    loofah (2.24.1)
      crass (~> 1.0.2)
      nokogiri (>= 1.12.0)
    mail (2.8.1)
      mini_mime (>= 0.1.1)
      net-imap
      net-pop
      net-smtp
    marcel (1.0.4)
    matrix (0.4.3)
    method_source (1.1.0)
    mime-types (3.7.0)
      logger
      mime-types-data (~> 3.2025, >= 3.2025.0507)
    mime-types-data (3.2025.0902)
    mini_mime (1.1.5)
    minitest (5.25.5)
    msgpack (1.8.0)
    multi_json (1.17.0)
    multipart-post (2.4.1)
    mutex_m (0.3.0)
    nested_form (0.3.2)
    net-http (0.6.0)
      uri
    net-imap (0.5.10)
      date
      net-protocol
    net-pop (0.1.2)
      net-protocol
    net-protocol (0.2.2)
      timeout
    net-smtp (0.5.1)
      net-protocol
    netrc (0.11.0)
    nokogiri (1.18.9-arm64-darwin)
      racc (~> 1.4)
    nokogiri (1.18.9-x86_64-darwin)
      racc (~> 1.4)
    nokogiri (1.18.9-x86_64-linux-gnu)
      racc (~> 1.4)
    orm_adapter (0.5.0)
    ostruct (0.6.3)
    pg (1.6.2-arm64-darwin)
    pg (1.6.2-x86_64-darwin)
    pg (1.6.2-x86_64-linux)
    postmark (1.25.1)
      json
    postmark-rails (0.22.1)
      actionmailer (>= 3.0.0)
      postmark (>= 1.21.3, < 2.0)
    pp (0.6.2)
      prettyprint
    prettyprint (0.2.0)
    pry (0.15.2)
      coderay (~> 1.1)
      method_source (~> 1.0)
    pry-byebug (3.11.0)
      byebug (~> 12.0)
      pry (>= 0.13, < 0.16)
    pry-rails (0.3.11)
      pry (>= 0.13.0)
    psych (5.2.6)
      date
      stringio
    public_suffix (6.0.2)
    puma (6.6.1)
      nio4r (~> 2.0)
    pundit (2.5.0)
      activesupport (>= 3.0.0)
    racc (1.8.1)
    rack (3.2.1)
    rack-attack (6.7.0)
      rack (>= 1.0, < 4)
    rack-canonical-host (1.3.0)
      addressable (> 0, < 3)
      rack (>= 1.6, < 4)
    rack-mini-profiler (2.3.4)
      rack (>= 1.2.0)
    rack-session (2.1.1)
      base64 (>= 0.1.0)
      rack (>= 3.0.0)
    rack-test (2.2.0)
      rack (>= 1.3)
    rackup (2.2.1)
      rack (>= 3)
    rails (7.1.5.2)
      actioncable (= 7.1.5.2)
      actionmailbox (= 7.1.5.2)
      actionmailer (= 7.1.5.2)
      actionpack (= 7.1.5.2)
      actiontext (= 7.1.5.2)
      actionview (= 7.1.5.2)
      activejob (= 7.1.5.2)
      activemodel (= 7.1.5.2)
      activerecord (= 7.1.5.2)
      activestorage (= 7.1.5.2)
      activesupport (= 7.1.5.2)
      bundler (>= 1.15.0)
      railties (= 7.1.5.2)
    rails-dom-testing (2.3.0)
      activesupport (>= 5.0.0)
      minitest
      nokogiri (>= 1.6)
    rails-html-sanitizer (1.6.2)
      loofah (~> 2.21)
      nokogiri (>= 1.15.7, != 1.16.7, != 1.16.6, != 1.16.5, != 1.16.4, != 1.16.3, != 1.16.2, != 1.16.1, != 1.16.0.rc1, != 1.16.0)
    rails_admin (3.3.0)
      activemodel-serializers-xml (>= 1.0)
      csv
      kaminari (>= 0.14, < 2.0)
      nested_form (~> 0.3)
      rails (>= 6.0, < 9)
      turbo-rails (>= 1.0, < 3)
    railties (7.1.5.2)
      actionpack (= 7.1.5.2)
      activesupport (= 7.1.5.2)
      irb
      rackup (>= 1.0.0)
      rake (>= 12.2)
      thor (~> 1.0, >= 1.2.2)
      zeitwerk (~> 2.6)
    rake (13.3.0)
    rb-fsevent (0.11.2)
    rb-inotify (0.11.1)
      ffi (~> 1.0)
    rdoc (6.14.2)
      erb
      psych (>= 4.0.0)
    redis (4.8.1)
    regexp_parser (2.11.2)
    reline (0.6.2)
      io-console (~> 0.5)
    responders (3.1.1)
      actionpack (>= 5.2)
      railties (>= 5.2)
    rest-client (2.1.0)
      http-accept (>= 1.7.0, < 2.0)
      http-cookie (>= 1.0.2, < 2.0)
      mime-types (>= 1.16, < 4.0)
      netrc (~> 0.8)
    rexml (3.4.2)
    rubyzip (2.4.1)
    sass-rails (6.0.0)
      sassc-rails (~> 2.1, >= 2.1.1)
    sassc (2.4.0)
      ffi (~> 1.9)
    sassc-rails (2.1.2)
      railties (>= 4.0.0)
      sassc (>= 2.0)
      sprockets (> 3.0)
      sprockets-rails
      tilt
    securerandom (0.4.1)
    selenium-webdriver (4.10.0)
      rexml (~> 3.2, >= 3.2.5)
      rubyzip (>= 1.2.2, < 3.0)
      websocket (~> 1.0)
    simple_form (5.3.1)
      actionpack (>= 5.2)
      activemodel (>= 5.2)
    sitemap_generator (6.3.0)
      builder (~> 3.0)
    spring (4.4.0)
    sprockets (4.2.2)
      concurrent-ruby (~> 1.0)
      logger
      rack (>= 2.2.4, < 4)
    sprockets-rails (3.5.2)
      actionpack (>= 6.1)
      activesupport (>= 6.1)
      sprockets (>= 3.0.0)
    stimulus-rails (1.3.4)
      railties (>= 6.0.0)
    stringio (3.1.7)
    thor (1.4.0)
    tilt (2.6.1)
    timeout (0.4.3)
    turbo-rails (2.0.16)
      actionpack (>= 7.1.0)
      railties (>= 7.1.0)
    tzinfo (2.0.6)
      concurrent-ruby (~> 1.0)
    uri (1.0.3)
    warden (1.2.9)
      rack (>= 2.0.9)
    web-console (4.2.1)
      actionview (>= 6.0.0)
      activemodel (>= 6.0.0)
      bindex (>= 0.4.0)
      railties (>= 6.0.0)
    webdrivers (5.3.1)
      nokogiri (~> 1.6)
      rubyzip (>= 1.3.0)
      selenium-webdriver (~> 4.0, < 4.11)
    websocket (1.2.11)
    websocket-driver (0.8.0)
      base64
      websocket-extensions (>= 0.1.0)
    websocket-extensions (0.1.5)
    wicked_pdf (2.8.2)
      activesupport
      ostruct
    wkhtmltopdf-binary (0.12.6.10)
    xpath (3.2.0)
      nokogiri (~> 1.8)
    zeitwerk (2.7.3)

PLATFORMS
  arm64-darwin-23
  x86_64-darwin-20
  x86_64-linux

DEPENDENCIES
  activestorage-cloudinary-service
  autoprefixer-rails (= 10.2.5)
  bootsnap (>= 1.4.4)
  byebug
  capybara (>= 3.26)
  cloudinary
  devise
  dotenv-rails
  figaro
  fog-aws
  font-awesome-sass
  friendly_id
  gibbon
  importmap-rails
  invisible_captcha
  jbuilder (~> 2.7)
  kaminari
  letter_opener
  listen (~> 3.3)
  mail (~> 2.8)
  nio4r!
  pg (~> 1.1)
  postmark-rails
  pry-byebug (~> 3.10)
  pry-rails (~> 0.3)
  puma (~> 6.0)
  pundit (~> 2.1, >= 2.1.1)
  rack-attack
  rack-canonical-host
  rack-mini-profiler (~> 2.0)
  rails (~> 7.1.0)
  rails_admin (~> 3.0)
  redis (~> 4.0)
  rest-client (~> 2.1)
  sass-rails (>= 6)
  selenium-webdriver
  simple_form
  sitemap_generator
  spring
  stimulus-rails
  turbo-rails
  tzinfo-data
  web-console (>= 4.1.0)
  webdrivers
  wicked_pdf
  wkhtmltopdf-binary

RUBY VERSION
   ruby 3.2.2p53

BUNDLED WITH
   2.6.8
